GEM
  remote: https://rubygems.org/
  specs:
    public_suffix (1.3.1)

PLATFORMS
  ruby

DEPENDENCIES
  public_suffix
