PATH
  remote: .
  specs:
    gman (2.0.0)
      addressable (~> 2.3.6)
      public_suffix (~> 1.4.1)
      swot (~> 0.3.0)

GEM
  remote: https://rubygems.org/
  specs:
    activesupport (4.0.2)
      i18n (~> 0.6, >= 0.6.4)
      minitest (~> 4.2)
      multi_json (~> 1.3)
      thread_safe (~> 0.1)
      tzinfo (~> 0.3.37)
    addressable (2.3.6)
    atomic (1.1.14)
    i18n (0.6.9)
    json (1.8.1)
    minitest (4.7.5)
    multi_json (1.8.4)
    net-dns (0.8.0)
    public_suffix (1.4.2)
    rake (10.1.1)
    rdoc (4.1.1)
      json (~> 1.4)
    shoulda (3.5.0)
      shoulda-context (~> 1.0, >= 1.0.1)
      shoulda-matchers (>= 1.4.1, < 3.0)
    shoulda-context (1.1.6)
    shoulda-matchers (2.5.0)
      activesupport (>= 3.0.0)
    swot (0.3.0)
      public_suffix
    thread_safe (0.1.3)
      atomic
    tzinfo (0.3.38)

PLATFORMS
  ruby

DEPENDENCIES
  bundler
  gman!
  net-dns
  rake
  rdoc
  shoulda
